GEM
  remote: https://rubygems.org/
  specs:
    concurrent-ruby (1.0.4)

PLATFORMS
  ruby

DEPENDENCIES
  concurrent-ruby

BUNDLED WITH
   1.13.6
